GEM
  remote: https://rubygems.org/
  specs:
    actionpack (4.0.0)
      activesupport (= 4.0.0)
      builder (~> 3.1.0)
      erubis (~> 2.7.0)
      rack (~> 1.5.2)
      rack-test (~> 0.6.2)
    activemodel (4.0.0)
      activesupport (= 4.0.0)
      builder (~> 3.1.0)
    activerecord (4.0.0)
      activemodel (= 4.0.0)
      activerecord-deprecated_finders (~> 1.0.2)
      activesupport (= 4.0.0)
      arel (~> 4.0.0)
    activerecord-deprecated_finders (1.0.3)
    activesupport (4.0.0)
      i18n (~> 0.6, >= 0.6.4)
      minitest (~> 4.2)
      multi_json (~> 1.3)
      thread_safe (~> 0.1)
      tzinfo (~> 0.3.37)
    arel (4.0.0)
    atomic (1.1.10)
    builder (3.1.4)
    erubis (2.7.0)
    grackle (0.3.0)
      json
      mime-types
      oauth
    hpricot (0.8.6)
    i18n (0.6.4)
    isaac (0.2.6)
    json (1.8.0)
    mime-types (1.23)
    mini_portile (0.5.0)
    minitest (4.7.5)
    multi_json (1.7.7)
    nokogiri (1.6.0)
      mini_portile (~> 0.5.0)
    oauth (0.4.7)
    rack (1.5.2)
    rack-test (0.6.2)
      rack (>= 1.0)
    sanitize (2.0.4)
      nokogiri (~> 1.6.0)
    scrobbler (0.2.3)
      activesupport (>= 1.4.2)
      hpricot (>= 0.4.86)
    simple-rss (1.2.3)
    sqlite3 (1.3.7)
    thread_safe (0.1.0)
      atomic
    tzinfo (0.3.37)
    whois (3.1.3)

PLATFORMS
  ruby

DEPENDENCIES
  actionpack (>= 3.2.12)
  activerecord (>= 3.2.12)
  activesupport (>= 3.2.12)
  grackle
  i18n
  isaac
  sanitize
  scrobbler
  simple-rss
  sqlite3
  whois
